PATH
  remote: .
  specs:
    statesman-sequel (0.2.0)
      sequel (>= 4, < 6)
      statesman (>= 3.4, < 4)

GEM
  remote: https://rubygems.org/
  specs:
    coderay (1.1.2)
    method_source (0.9.0)
    minitest (5.11.3)
    minitest-hooks (1.4.2)
    pry (0.11.3)
      coderay (~> 1.1.0)
      method_source (~> 0.9.0)
    rake (10.5.0)
    rb-readline (0.5.5)
    sequel (5.8.0)
    sqlite3 (1.3.13)
    statesman (3.4.1)

PLATFORMS
  ruby

DEPENDENCIES
  bundler (~> 1.11)
  minitest (~> 5.0)
  minitest-hooks
  pry
  rake (~> 10.0)
  rb-readline
  sqlite3 (~> 1.3)
  statesman-sequel!

BUNDLED WITH
   1.16.1
